GEM
  remote: http://rubygems.org/
  specs:
    rack (2.0.3)
    shotgun (0.9.2)
      rack (>= 1.0)

PLATFORMS
  ruby

DEPENDENCIES
  shotgun

BUNDLED WITH
   1.15.4
